GEM
  remote: https://rubygems.org/
  specs:
    nokogiri (1.5.9)
    sixarm_ruby_magic_number_type (2.0.0)

PLATFORMS
  ruby

DEPENDENCIES
  nokogiri
  sixarm_ruby_magic_number_type
